PATH
  remote: .
  specs:
    lt-socketio-client (0.1.0)
      rest-client
      websocket

GEM
  remote: http://rubygems.org/
  specs:
    diff-lcs (1.2.4)
    mime-types (1.23)
    rest-client (1.6.7)
      mime-types (>= 1.16)
    rspec (2.13.0)
      rspec-core (~> 2.13.0)
      rspec-expectations (~> 2.13.0)
      rspec-mocks (~> 2.13.0)
    rspec-core (2.13.1)
    rspec-expectations (2.13.0)
      diff-lcs (>= 1.1.3, < 2.0)
    rspec-mocks (2.13.1)
    websocket (1.0.7)

PLATFORMS
  ruby

DEPENDENCIES
  lt-socketio-client!
  rspec
